PATH
  remote: .
  specs:
    cleversafe (1.0.7)
      rest-client (~> 1.6.7)

GEM
  remote: http://rubygems.org/
  specs:
    mime-types (1.22)
    rest-client (1.6.7)
      mime-types (>= 1.16)

PLATFORMS
  ruby

DEPENDENCIES
  cleversafe!
