PATH
  remote: .
  specs:
    cleversafe (1.1.10)
      json
      rest-client (~> 1.6)

GEM
  remote: https://rubygems.org/
  specs:
    addressable (2.3.7)
    crack (0.4.2)
      safe_yaml (~> 1.0.0)
    json (1.8.2)
    mime-types (2.4.3)
    minitest (5.5.1)
    netrc (0.10.2)
    rake (10.4.2)
    rest-client (1.7.3)
      mime-types (>= 1.16, < 3.0)
      netrc (~> 0.7)
    safe_yaml (1.0.4)
    webmock (1.20.4)
      addressable (>= 2.3.6)
      crack (>= 0.3.2)

PLATFORMS
  ruby

DEPENDENCIES
  cleversafe!
  minitest (~> 5)
  rake
  webmock (~> 1.7)
