GIT
  remote: git://github.com/jeremy/rest-client.git
  revision: e28c6559b54bc79e0f4b6a5354d2b742306de5ef
  branch: 1.6-legacy
  specs:
    rest-client (1.6.9)
      jeweler
      mime-types (~> 1.16)
      netrc
      rest-client

PATH
  remote: .
  specs:
    cleversafe (1.1.9)
      json
      rest-client (~> 1.6.9)

GEM
  remote: https://rubygems.org/
  specs:
    addressable (2.3.5)
    atomic (1.1.16)
    builder (3.2.2)
    crack (0.4.1)
      safe_yaml (~> 0.9.0)
    descendants_tracker (0.0.4)
      thread_safe (~> 0.3, >= 0.3.1)
    faraday (0.9.0)
      multipart-post (>= 1.2, < 3)
    git (1.2.6)
    github_api (0.11.3)
      addressable (~> 2.3)
      descendants_tracker (~> 0.0.1)
      faraday (~> 0.8, < 0.10)
      hashie (>= 1.2)
      multi_json (>= 1.7.5, < 2.0)
      nokogiri (~> 1.6.0)
      oauth2
    hashie (2.0.5)
    highline (1.6.21)
    jeweler (2.0.1)
      builder
      bundler (>= 1.0)
      git (>= 1.2.5)
      github_api
      highline (>= 1.6.15)
      nokogiri (>= 1.5.10)
      rake
      rdoc
    json (1.8.0)
    jwt (0.1.11)
      multi_json (>= 1.5)
    mime-types (1.25.1)
    mini_portile (0.5.3)
    minitest (4.5.0)
    multi_json (1.9.2)
    multi_xml (0.5.5)
    multipart-post (2.0.0)
    netrc (0.7.7)
    nokogiri (1.6.1)
      mini_portile (~> 0.5.0)
    oauth2 (0.9.3)
      faraday (>= 0.8, < 0.10)
      jwt (~> 0.1.8)
      multi_json (~> 1.3)
      multi_xml (~> 0.5)
      rack (~> 1.2)
    rack (1.5.2)
    rake (10.0.3)
    rdoc (4.1.1)
      json (~> 1.4)
    safe_yaml (0.9.7)
    thread_safe (0.3.1)
      atomic (>= 1.1.7, < 2)
    webmock (1.7.10)
      addressable (~> 2.2, > 2.2.5)
      crack (>= 0.1.7)

PLATFORMS
  ruby

DEPENDENCIES
  cleversafe!
  minitest
  rake
  rest-client (~> 1.6.9)!
  webmock (~> 1.7.6)
