PATH
  remote: .
  specs:
    cleversafe (1.0.8)
      json
      rest-client (~> 1.6.7)

GEM
  remote: http://rubygems.org/
  specs:
    json (1.7.7)
    mime-types (1.22)
    minitest (4.5.0)
    rake (10.0.3)
    rest-client (1.6.7)
      mime-types (>= 1.16)

PLATFORMS
  ruby

DEPENDENCIES
  cleversafe!
  json
  minitest
  rake
  rest-client (~> 1.6.7)
